PATH
  remote: .
  specs:
    coco (1.0.0)
      iodine (>= 0.6.0, < 0.8.0)
      rack (>= 2.0.0)

GEM
  remote: https://rubygems.org/
  specs:
    iodine (0.7.54)
    minitest (5.18.0)
    rack (2.2.6.4)
    rake (12.3.3)

PLATFORMS
  ruby

DEPENDENCIES
  coco!
  minitest (~> 5.0)
  rake (~> 12.0)

BUNDLED WITH
   1.17.2
